PATH
  remote: .
  specs:
    c64-ruby (0.0.1)
      chunky_png (~> 1.2.7)
      rubygame (~> 2.6.4)

GEM
  remote: https://rubygems.org/
  specs:
    chunky_png (1.2.7)
    coderay (1.0.9)
    diff-lcs (1.2.1)
    ffi (1.5.0)
    method_source (0.8.1)
    nice-ffi (0.4)
      ffi (>= 0.5.0)
    pry (0.9.12)
      coderay (~> 1.0.5)
      method_source (~> 0.8)
      slop (~> 3.4)
    rake (10.0.3)
    rspec (2.13.0)
      rspec-core (~> 2.13.0)
      rspec-expectations (~> 2.13.0)
      rspec-mocks (~> 2.13.0)
    rspec-core (2.13.0)
    rspec-expectations (2.13.0)
      diff-lcs (>= 1.1.3, < 2.0)
    rspec-mocks (2.13.0)
    ruby-sdl-ffi (0.4)
      nice-ffi (>= 0.2)
    rubygame (2.6.4)
      rake (>= 0.7.0)
      ruby-sdl-ffi (>= 0.1.0)
    slop (3.4.3)

PLATFORMS
  ruby

DEPENDENCIES
  c64-ruby!
  pry (~> 0.9.12)
  rspec (~> 2.13.0)
