PATH
  remote: .
  specs:
    r64 (0.0.1)
      chunky_png (~> 1.2.7)
      oily_png (~> 1.1.0)

GEM
  remote: https://rubygems.org/
  specs:
    chunky_png (1.2.7)
    coderay (1.0.9)
    method_source (0.8.1)
    oily_png (1.1.0)
      chunky_png (~> 1.2.7)
    pry (0.9.12)
      coderay (~> 1.0.5)
      method_source (~> 0.8)
      slop (~> 3.4)
    slop (3.4.3)

PLATFORMS
  ruby

DEPENDENCIES
  pry
  r64!
