PATH
  remote: .
  specs:
    r64 (0.0.1)
      chunky_png (~> 1.2.7)
      oily_png (~> 1.1.0)

GEM
  remote: https://rubygems.org/
  specs:
    chunky_png (1.2.7)
    oily_png (1.1.0)
      chunky_png (~> 1.2.7)

PLATFORMS
  ruby

DEPENDENCIES
  r64!
